GEM
  remote: https://rubygems.org/
  specs:
    diff-lcs (1.2.4)
    execjs (1.4.0)
      multi_json (~> 1.0)
    kramdown (1.1.0)
    multi_json (1.7.7)
    rspec (2.14.1)
      rspec-core (~> 2.14.0)
      rspec-expectations (~> 2.14.0)
      rspec-mocks (~> 2.14.0)
    rspec-core (2.14.3)
    rspec-expectations (2.14.0)
      diff-lcs (>= 1.1.3, < 2.0)
    rspec-mocks (2.14.1)

PLATFORMS
  ruby

DEPENDENCIES
  execjs
  kramdown
  rspec
